GEM
  remote: https://rubygems.org/
  specs:
    actionmailer (4.0.5)
      actionpack (= 4.0.5)
      mail (~> 2.5.4)
    actionpack (4.0.5)
      activesupport (= 4.0.5)
      builder (~> 3.1.0)
      erubis (~> 2.7.0)
      rack (~> 1.5.2)
      rack-test (~> 0.6.2)
    activemodel (4.0.5)
      activesupport (= 4.0.5)
      builder (~> 3.1.0)
    activerecord (4.0.5)
      activemodel (= 4.0.5)
      activerecord-deprecated_finders (~> 1.0.2)
      activesupport (= 4.0.5)
      arel (~> 4.0.0)
    activerecord-deprecated_finders (1.0.3)
    activesupport (4.0.5)
      i18n (~> 0.6, >= 0.6.9)
      minitest (~> 4.2)
      multi_json (~> 1.3)
      thread_safe (~> 0.1)
      tzinfo (~> 0.3.37)
    arel (4.0.2)
    attr_required (1.0.0)
    bcrypt (3.1.7)
    bcrypt-ruby (3.1.5)
      bcrypt (>= 3.1.3)
    builder (3.1.4)
    coffee-rails (4.0.1)
      coffee-script (>= 2.2.0)
      railties (>= 4.0.0, < 5.0)
    coffee-script (2.3.0)
      coffee-script-source
      execjs
    coffee-script-source (1.8.0)
    daemons (1.1.9)
    devise (3.0.3)
      bcrypt-ruby (~> 3.0)
      orm_adapter (~> 0.1)
      railties (>= 3.2.6, < 5)
      warden (~> 1.2.3)
    erubis (2.7.0)
    eventmachine (1.0.3)
    execjs (2.2.2)
    faraday (0.8.9)
      multipart-post (~> 1.2.0)
    fb_graph (2.7.16)
      httpclient (>= 2.2.0.2)
      multi_json (>= 1.3)
      rack-oauth2 (>= 0.14.4)
      tzinfo
    geocoder (1.1.2)
    hashie (2.1.2)
    hike (1.2.3)
    httpauth (0.2.1)
    httpclient (2.5.0)
    i18n (0.6.11)
    jbuilder (1.5.3)
      activesupport (>= 3.0.0)
      multi_json (>= 1.2.0)
    jquery-rails (3.1.2)
      railties (>= 3.0, < 5.0)
      thor (>= 0.14, < 2.0)
    json (1.8.1)
    jwt (0.1.13)
      multi_json (>= 1.5)
    mail (2.5.4)
      mime-types (~> 1.16)
      treetop (~> 1.4.8)
    mime-types (1.25.1)
    minitest (4.7.5)
    multi_json (1.10.1)
    multipart-post (1.2.0)
    oauth (0.4.7)
    oauth2 (0.8.1)
      faraday (~> 0.8)
      httpauth (~> 0.1)
      jwt (~> 0.1.4)
      multi_json (~> 1.0)
      rack (~> 1.2)
    omniauth (1.2.1)
      hashie (>= 1.2, < 3)
      rack (~> 1.0)
    omniauth-facebook (1.4.1)
      omniauth-oauth2 (~> 1.1.0)
    omniauth-github (1.1.2)
      omniauth (~> 1.0)
      omniauth-oauth2 (~> 1.1)
    omniauth-linkedin (0.2.0)
      omniauth-oauth (~> 1.0)
    omniauth-oauth (1.0.1)
      oauth
      omniauth (~> 1.0)
    omniauth-oauth2 (1.1.0)
      oauth2 (~> 0.8.0)
      omniauth (~> 1.0)
    orm_adapter (0.5.0)
    pg (0.17.1)
    polyglot (0.3.5)
    rack (1.5.2)
    rack-oauth2 (1.0.8)
      activesupport (>= 2.3)
      attr_required (>= 0.0.5)
      httpclient (>= 2.2.0.2)
      multi_json (>= 1.3.6)
      rack (>= 1.1)
    rack-test (0.6.2)
      rack (>= 1.0)
    rails (4.0.5)
      actionmailer (= 4.0.5)
      actionpack (= 4.0.5)
      activerecord (= 4.0.5)
      activesupport (= 4.0.5)
      bundler (>= 1.3.0, < 2.0)
      railties (= 4.0.5)
      sprockets-rails (~> 2.0.0)
    railties (4.0.5)
      actionpack (= 4.0.5)
      activesupport (= 4.0.5)
      rake (>= 0.8.7)
      thor (>= 0.18.1, < 2.0)
    rake (10.3.2)
    rdoc (4.1.2)
      json (~> 1.4)
    sdoc (0.4.1)
      json (~> 1.7, >= 1.7.7)
      rdoc (~> 4.0)
    sprockets (2.11.0)
      hike (~> 1.2)
      multi_json (~> 1.0)
      rack (~> 1.0)
      tilt (~> 1.1, != 1.3.0)
    sprockets-rails (2.0.1)
      actionpack (>= 3.0)
      activesupport (>= 3.0)
      sprockets (~> 2.8)
    thin (1.6.2)
      daemons (>= 1.0.9)
      eventmachine (>= 1.0.0)
      rack (>= 1.0.0)
    thor (0.19.1)
    thread_safe (0.3.4)
    tilt (1.4.1)
    treetop (1.4.15)
      polyglot
      polyglot (>= 0.3.1)
    turbolinks (2.4.0)
      coffee-rails
    tzinfo (0.3.42)
    uglifier (2.5.3)
      execjs (>= 0.3.0)
      json (>= 1.8.0)
    warden (1.2.3)
      rack (>= 1.0)

PLATFORMS
  ruby

DEPENDENCIES
  devise
  fb_graph
  geocoder
  jbuilder (~> 1.2)
  jquery-rails
  omniauth
  omniauth-facebook
  omniauth-github
  omniauth-linkedin
  pg
  rails (= 4.0.5)
  rake
  sdoc
  thin
  turbolinks
  uglifier (>= 1.3.0)
